GEM
  remote: https://rubygems.org/
  specs:
    activesupport (3.2.15)
      i18n (~> 0.6, >= 0.6.4)
      multi_json (~> 1.0)
    coderay (1.0.9)
    erubis (2.7.0)
    gli (2.8.1)
    i18n (0.6.5)
    json (1.8.1)
    lxc (0.3.7)
      ztk
    method_source (0.8.2)
    multi_json (1.8.2)
    net-sftp (2.1.2)
      net-ssh (>= 2.6.5)
    net-ssh (2.7.0)
    pry (0.9.12.2)
      coderay (~> 1.0.5)
      method_source (~> 0.8)
      slop (~> 3.4)
    slop (3.4.6)
    testlab (1.10.0)
      activesupport
      gli
      lxc
      ztk
    ztk (1.9.0)
      activesupport
      erubis
      net-sftp
      net-ssh

PLATFORMS
  ruby

DEPENDENCIES
  activesupport (< 4.0.0)
  json
  lxc
  pry
  testlab
  ztk
