GEM
  remote: https://rubygems.org/
  specs:
    activesupport (3.2.13)
      i18n (= 0.6.1)
      multi_json (~> 1.0)
    coderay (1.0.9)
    erubis (2.7.0)
    gli (2.7.0)
    i18n (0.6.1)
    json (1.8.0)
    lxc (0.3.6)
      ztk
    method_source (0.8.1)
    multi_json (1.7.7)
    net-sftp (2.1.2)
      net-ssh (>= 2.6.5)
    net-ssh (2.6.8)
    pry (0.9.12.2)
      coderay (~> 1.0.5)
      method_source (~> 0.8)
      slop (~> 3.4)
    slop (3.4.5)
    testlab (1.2.1)
      activesupport
      gli
      lxc
      ztk
    ztk (1.6.26)
      activesupport
      erubis
      net-sftp
      net-ssh

PLATFORMS
  ruby

DEPENDENCIES
  activesupport (< 4.0.0)
  json
  lxc
  pry
  testlab
  ztk
