GEM
  remote: https://rubygems.org/
  specs:
    activesupport (3.2.13)
      i18n (= 0.6.1)
      multi_json (~> 1.0)
    erubis (2.7.0)
    i18n (0.6.1)
    lxc (0.0.6)
      ztk
    multi_json (1.7.2)
    net-sftp (2.1.1)
      net-ssh (>= 2.6.5)
    net-ssh (2.6.7)
    testlab (0.0.1)
    ztk (1.0.11)
      activesupport
      erubis
      net-sftp
      net-ssh

PLATFORMS
  ruby

DEPENDENCIES
  lxc
  testlab
  ztk
