GEM
  remote: https://rubygems.org/
  specs:
    activesupport (7.0.4.3)
      concurrent-ruby (~> 1.0, >= 1.0.2)
      i18n (>= 1.6, < 2)
      minitest (>= 5.1)
      tzinfo (~> 2.0)
    coderay (1.1.0)
    concurrent-ruby (1.2.2)
    erubis (2.7.0)
    gli (2.9.0)
    i18n (1.12.0)
      concurrent-ruby (~> 1.0)
    lxc (0.6.0)
      ztk
    method_source (0.8.2)
    minitest (5.18.0)
    net-scp (1.1.2)
      net-ssh (>= 2.6.5)
    net-sftp (2.1.2)
      net-ssh (>= 2.6.5)
    net-ssh (2.8.0)
    net-ssh-gateway (1.2.0)
      net-ssh (>= 2.6.5)
    pry (0.9.12.6)
      coderay (~> 1.0)
      method_source (~> 0.8)
      slop (~> 3.4)
    slop (3.4.7)
    testlab (1.21.1)
      activesupport
      gli
      lxc
      ztk
    tzinfo (2.0.6)
      concurrent-ruby (~> 1.0)
    ztk (1.18.1)
      activesupport
      erubis
      net-scp
      net-sftp
      net-ssh
      net-ssh-gateway

PLATFORMS
  ruby

DEPENDENCIES
  lxc
  pry
  testlab
  ztk
