GEM
  remote: https://rubygems.org/
  specs:
    activesupport (3.2.13)
      i18n (= 0.6.1)
      multi_json (~> 1.0)
    coderay (1.0.9)
    erubis (2.7.0)
    gli (2.5.6)
    i18n (0.6.1)
    lxc (0.2.4)
      ztk
    method_source (0.8.1)
    multi_json (1.7.3)
    net-sftp (2.1.2)
      net-ssh (>= 2.6.5)
    net-ssh (2.6.7)
    pry (0.9.12.2)
      coderay (~> 1.0.5)
      method_source (~> 0.8)
      slop (~> 3.4)
    slop (3.4.5)
    testlab (0.4.4)
      activesupport
      gli
      lxc
      ztk
    ztk (1.4.18)
      activesupport
      erubis
      net-sftp
      net-ssh

PLATFORMS
  ruby

DEPENDENCIES
  lxc
  pry
  testlab
  ztk
