PATH
  remote: vendor/checkouts/lxc
  specs:
    lxc (0.2.1)
      ztk

PATH
  remote: vendor/checkouts/testlab
  specs:
    testlab (0.3.1)
      activesupport
      gli
      lxc
      ztk

PATH
  remote: vendor/checkouts/ztk
  specs:
    ztk (1.4.9)
      activesupport
      erubis
      net-sftp
      net-ssh

GEM
  remote: https://rubygems.org/
  specs:
    activesupport (3.2.13)
      i18n (= 0.6.1)
      multi_json (~> 1.0)
    coderay (1.0.9)
    erubis (2.7.0)
    gli (2.5.6)
    i18n (0.6.1)
    method_source (0.8.1)
    multi_json (1.7.2)
    net-sftp (2.1.1)
      net-ssh (>= 2.6.5)
    net-ssh (2.6.7)
    pry (0.9.12.1)
      coderay (~> 1.0.5)
      method_source (~> 0.8)
      slop (~> 3.4)
    slop (3.4.4)

PLATFORMS
  ruby

DEPENDENCIES
  lxc!
  pry
  testlab!
  ztk!
